GEM
  remote: https://rubygems.org/
  specs:
    gemika (0.5.0)
    rake (13.0.3)

PLATFORMS
  x86_64-darwin-19

DEPENDENCIES
  gemika
  rake

BUNDLED WITH
   2.2.14
